GEM
  remote: http://rubygems.org/
  specs:
    git (1.2.5)
    jeweler (1.8.4)
      bundler (~> 1.0)
      git (>= 1.2.5)
      rake
      rdoc
    json (1.8.0)
    rake (10.0.4)
    rdoc (4.0.1)
      json (~> 1.4)
    test-unit (2.5.5)
    yard (0.8.6.1)

PLATFORMS
  ruby
  x86-mingw32

DEPENDENCIES
  jeweler
  test-unit
  yard
