GEM
  remote: http://rubygems.org/
  specs:
    git (1.2.5)
    jeweler (1.8.4)
      bundler (~> 1.0)
      git (>= 1.2.5)
      rake
      rdoc
    json (1.8.0)
    mustache (0.99.4)
    rake (10.0.4)
    rdoc (4.0.1)
      json (~> 1.4)
    redcarpet (2.3.0)
    rocco (0.8.2)
      mustache
      redcarpet
    test-unit (2.5.5)

PLATFORMS
  ruby

DEPENDENCIES
  jeweler
  rocco
  test-unit
